GEM
  remote: https://rubygems.org/
  specs:
    capybara (2.2.1)
      mime-types (>= 1.16)
      nokogiri (>= 1.3.3)
      rack (>= 1.0.0)
      rack-test (>= 0.5.4)
      xpath (~> 2.0)
    chunky_png (1.3.1)
    compass (0.12.6)
      chunky_png (~> 1.2)
      fssm (>= 0.2.7)
      sass (~> 3.2.19)
    daemons (1.1.9)
    diff-lcs (1.2.5)
    eventmachine (1.0.3)
    fssm (0.2.10)
    haml (4.0.5)
      tilt
    mime-types (2.2)
    mini_portile (0.5.3)
    nokogiri (1.6.1)
      mini_portile (~> 0.5.0)
    rack (1.5.2)
    rack-protection (1.5.3)
      rack
    rack-test (0.6.2)
      rack (>= 1.0)
    rake (10.3.1)
    rspec (2.14.1)
      rspec-core (~> 2.14.0)
      rspec-expectations (~> 2.14.0)
      rspec-mocks (~> 2.14.0)
    rspec-core (2.14.8)
    rspec-expectations (2.14.5)
      diff-lcs (>= 1.1.3, < 2.0)
    rspec-mocks (2.14.6)
    sass (3.2.19)
    sinatra (1.4.5)
      rack (~> 1.4)
      rack-protection (~> 1.4)
      tilt (~> 1.3, >= 1.3.4)
    thin (1.6.2)
      daemons (>= 1.0.9)
      eventmachine (>= 1.0.0)
      rack (>= 1.0.0)
    tilt (1.4.1)
    xpath (2.0.0)
      nokogiri (~> 1.3)

PLATFORMS
  ruby

DEPENDENCIES
  capybara
  compass
  haml
  rake
  rspec
  sass
  sinatra
  thin
